GEM
  remote: https://rubygems.org/
  specs:
    mrkv (0.1.1)

PLATFORMS
  ruby

DEPENDENCIES
  mrkv
